GEM
  remote: http://rubygems.org/
  specs:
    abstract (1.0.0)
    actionmailer (3.0.7.rc2)
      actionpack (= 3.0.7.rc2)
      mail (~> 2.2.15)
    actionpack (3.0.7.rc2)
      activemodel (= 3.0.7.rc2)
      activesupport (= 3.0.7.rc2)
      builder (~> 2.1.2)
      erubis (~> 2.6.6)
      i18n (~> 0.5.0)
      rack (~> 1.2.1)
      rack-mount (~> 0.6.14)
      rack-test (~> 0.5.7)
      tzinfo (~> 0.3.23)
    activemodel (3.0.7.rc2)
      activesupport (= 3.0.7.rc2)
      builder (~> 2.1.2)
      i18n (~> 0.5.0)
    activerecord (3.0.7.rc2)
      activemodel (= 3.0.7.rc2)
      activesupport (= 3.0.7.rc2)
      arel (~> 2.0.2)
      tzinfo (~> 0.3.23)
    activeresource (3.0.7.rc2)
      activemodel (= 3.0.7.rc2)
      activesupport (= 3.0.7.rc2)
    activesupport (3.0.7.rc2)
    addressable (2.2.5)
    arel (2.0.9)
    bcrypt-ruby (2.1.4)
    builder (2.1.2)
    devise (1.3.4)
      bcrypt-ruby (~> 2.1.2)
      orm_adapter (~> 0.0.3)
      warden (~> 1.0.3)
    erubis (2.6.6)
      abstract (>= 1.0.0)
    faraday (0.6.1)
      addressable (~> 2.2.4)
      multipart-post (~> 1.1.0)
      rack (>= 1.1.0, < 2)
    i18n (0.5.0)
    mail (2.2.19)
      activesupport (>= 2.3.6)
      i18n (>= 0.4.0)
      mime-types (~> 1.16)
      treetop (~> 1.4.8)
    mime-types (1.16)
    multi_json (1.0.1)
    multi_xml (0.2.2)
    multipart-post (1.1.0)
    oa-core (0.2.5)
    oa-oauth (0.2.5)
      faraday (~> 0.6.1)
      multi_json (~> 1.0.0)
      multi_xml (~> 0.2.2)
      oa-core (= 0.2.5)
      oauth (~> 0.4.0)
      oauth2 (~> 0.4.1)
    oauth (0.4.4)
    oauth2 (0.4.1)
      faraday (~> 0.6.1)
      multi_json (>= 0.0.5)
    orm_adapter (0.0.4)
    polyglot (0.3.1)
    rack (1.2.2)
    rack-mount (0.6.14)
      rack (>= 1.0.0)
    rack-test (0.5.7)
      rack (>= 1.0)
    rails (3.0.7.rc2)
      actionmailer (= 3.0.7.rc2)
      actionpack (= 3.0.7.rc2)
      activerecord (= 3.0.7.rc2)
      activeresource (= 3.0.7.rc2)
      activesupport (= 3.0.7.rc2)
      bundler (~> 1.0)
      railties (= 3.0.7.rc2)
    railties (3.0.7.rc2)
      actionpack (= 3.0.7.rc2)
      activesupport (= 3.0.7.rc2)
      rake (>= 0.8.7)
      thor (~> 0.14.4)
    rake (0.8.7)
    sqlite3 (1.3.3)
    thor (0.14.6)
    treetop (1.4.9)
      polyglot (>= 0.3.1)
    tzinfo (0.3.27)
    warden (1.0.4)
      rack (>= 1.0)

PLATFORMS
  ruby

DEPENDENCIES
  devise
  oa-oauth
  rails (= 3.0.7.rc2)
  sqlite3
